GEM
  remote: http://rubygems.org/
  specs:
    diff-lcs (1.1.3)
    ffi (1.0.11)
    git (1.2.5)
    jeweler (1.6.4)
      bundler (~> 1.0)
      git (>= 1.2.5)
      rake
    mkrf (0.2.3)
    rake (0.9.2.2)
    rcov (0.9.11)
    rspec (2.7.0)
      rspec-core (~> 2.7.0)
      rspec-expectations (~> 2.7.0)
      rspec-mocks (~> 2.7.0)
    rspec-core (2.7.1)
    rspec-expectations (2.7.0)
      diff-lcs (~> 1.1.2)
    rspec-mocks (2.7.0)

PLATFORMS
  ruby

DEPENDENCIES
  bundler (~> 1.0.12)
  ffi (>= 1.0.11)
  jeweler (~> 1.6.4)
  mkrf (>= 0.2.3)
  rcov
  rspec (~> 2.7.0)
